GEM
  remote: http://rubygems.org/
  specs:
    archive-tar-minitar (0.5.2)
    biodiversity19 (1.0.9)
      parallel
      parallel
      treetop
      treetop
    builder (3.0.0)
    columnize (0.3.5)
    cucumber (1.1.4)
      builder (>= 2.1.2)
      diff-lcs (>= 1.1.2)
      gherkin (~> 2.7.1)
      json (>= 1.4.6)
      term-ansicolor (>= 1.0.6)
    diff-lcs (1.1.3)
    dwc-archive (0.7.16)
      nokogiri (~> 1.5.0)
      parsley-store (>= 0.3.0)
      parsley-store (~> 0.3.0)
    gherkin (2.7.1)
      json (>= 1.4.6)
    git (1.2.5)
    jeweler (1.6.4)
      bundler (~> 1.0)
      git (>= 1.2.5)
      rake
    json (1.6.3)
    linecache19 (0.5.12)
      ruby_core_source (>= 0.1.4)
    mime-types (1.17.2)
    nokogiri (1.5.0)
    parallel (0.5.11)
    parsley-store (0.3.0)
      biodiversity19
      redis
    polyglot (0.3.3)
    rake (0.9.2.2)
    rcov (0.9.11)
    redis (2.2.2)
    rest-client (1.6.7)
      mime-types (>= 1.16)
    rspec (2.3.0)
      rspec-core (~> 2.3.0)
      rspec-expectations (~> 2.3.0)
      rspec-mocks (~> 2.3.0)
    rspec-core (2.3.1)
    rspec-expectations (2.3.0)
      diff-lcs (~> 1.1.2)
    rspec-mocks (2.3.0)
    ruby-debug-base19 (0.11.25)
      columnize (>= 0.3.1)
      linecache19 (>= 0.5.11)
      ruby_core_source (>= 0.1.4)
    ruby-debug19 (0.11.6)
      columnize (>= 0.3.1)
      linecache19 (>= 0.5.11)
      ruby-debug-base19 (>= 0.11.19)
    ruby_core_source (0.1.5)
      archive-tar-minitar (>= 0.5.2)
    term-ansicolor (1.0.7)
    treetop (1.4.10)
      polyglot
      polyglot (>= 0.3.1)

PLATFORMS
  ruby

DEPENDENCIES
  bundler (~> 1.0.0)
  cucumber
  dwc-archive (~> 0.7.16)
  jeweler (~> 1.6.4)
  nokogiri (~> 1.5.0)
  rcov
  rest-client
  rspec (~> 2.3.0)
  ruby-debug19
