GEM
  remote: http://rubygems.org/
  specs:
    archive-tar-minitar (0.5.2)
    biodiversity19 (1.0.15)
      parallel
      parallel
      treetop
      treetop
    builder (3.0.0)
    columnize (0.3.6)
    cucumber (1.2.1)
      builder (>= 2.1.2)
      diff-lcs (>= 1.1.3)
      gherkin (~> 2.11.0)
      json (>= 1.4.6)
    debugger (1.2.0)
      columnize (>= 0.3.1)
      debugger-linecache (~> 1.1.1)
      debugger-ruby_core_source (~> 1.1.3)
    debugger-linecache (1.1.2)
      debugger-ruby_core_source (>= 1.1.1)
    debugger-ruby_core_source (1.1.3)
    diff-lcs (1.1.3)
    dwc-archive (0.9.2)
      archive-tar-minitar
      nokogiri (~> 1.5.0)
      parsley-store (>= 0.3.0)
      parsley-store (~> 0.3.0)
    gherkin (2.11.1)
      json (>= 1.4.6)
    git (1.2.5)
    jeweler (1.6.4)
      bundler (~> 1.0)
      git (>= 1.2.5)
      rake
    json (1.7.4)
    mime-types (1.19)
    multi_json (1.3.6)
    nokogiri (1.5.5)
    parallel (0.5.17)
    parsley-store (0.3.0)
      biodiversity19
      redis
    polyglot (0.3.3)
    rake (0.9.2.2)
    redis (3.0.1)
    rest-client (1.6.7)
      mime-types (>= 1.16)
    rspec (2.3.0)
      rspec-core (~> 2.3.0)
      rspec-expectations (~> 2.3.0)
      rspec-mocks (~> 2.3.0)
    rspec-core (2.3.1)
    rspec-expectations (2.3.0)
      diff-lcs (~> 1.1.2)
    rspec-mocks (2.3.0)
    simplecov (0.6.4)
      multi_json (~> 1.0)
      simplecov-html (~> 0.5.3)
    simplecov-html (0.5.3)
    treetop (1.4.10)
      polyglot
      polyglot (>= 0.3.1)

PLATFORMS
  ruby

DEPENDENCIES
  bundler (~> 1.1.5)
  cucumber
  debugger
  dwc-archive (~> 0.9.2)
  jeweler (~> 1.6.4)
  nokogiri (~> 1.5.0)
  rest-client
  rspec (~> 2.3.0)
  simplecov
