PATH
  remote: .
  specs:
    dwca_hunter (0.6.0)
      biodiversity (~> 3.5)
      dwc-archive (~> 1.0)
      gn_uuid (~> 0.5)
      htmlentities (~> 4.3)
      nokogiri (~> 1.10)
      rest-client (~> 2.0)
      ruby-xz (~> 1.0)
      thor (~> 0.19)

GEM
  remote: http://rubygems.org/
  specs:
    ast (2.4.0)
    biodiversity (3.5.1)
      gn_uuid (~> 0.5)
      parallel (~> 1.12)
      treetop (~> 1.6)
      unicode_utils (~> 1.4)
    byebug (10.0.2)
    coveralls (0.8.22)
      json (>= 1.8, < 3)
      simplecov (~> 0.16.1)
      term-ansicolor (~> 1.3)
      thor (~> 0.19.4)
      tins (~> 1.6)
    diff-lcs (1.3)
    docile (1.3.1)
    domain_name (0.5.20190701)
      unf (>= 0.0.5, < 1.0.0)
    dwc-archive (1.0.1)
      nokogiri (~> 1.8)
      parsley-store (~> 0.3)
    gn_uuid (0.5.1)
    htmlentities (4.3.4)
    http-accept (1.7.0)
    http-cookie (1.0.3)
      domain_name (~> 0.5)
    json (2.2.0)
    mime-types (3.3.1)
      mime-types-data (~> 3.2015)
    mime-types-data (3.2020.0512)
    mini_portile2 (2.4.0)
    netrc (0.11.0)
    nokogiri (1.10.9)
      mini_portile2 (~> 2.4.0)
    parallel (1.14.0)
    parser (2.7.1.2)
      ast (~> 2.4.0)
    parsley-store (0.3.6)
      biodiversity (~> 3.1)
      redis (~> 3.0)
    polyglot (0.3.5)
    rainbow (3.0.0)
    rake (13.0.1)
    redis (3.3.5)
    rest-client (2.1.0)
      http-accept (>= 1.7.0, < 2.0)
      http-cookie (>= 1.0.2, < 2.0)
      mime-types (>= 1.16, < 4.0)
      netrc (~> 0.8)
    rexml (3.2.4)
    rspec (3.9.0)
      rspec-core (~> 3.9.0)
      rspec-expectations (~> 3.9.0)
      rspec-mocks (~> 3.9.0)
    rspec-core (3.9.2)
      rspec-support (~> 3.9.3)
    rspec-expectations (3.9.2)
      diff-lcs (>= 1.2.0, < 2.0)
      rspec-support (~> 3.9.0)
    rspec-mocks (3.9.1)
      diff-lcs (>= 1.2.0, < 2.0)
      rspec-support (~> 3.9.0)
    rspec-support (3.9.3)
    rubocop (0.84.0)
      parallel (~> 1.10)
      parser (>= 2.7.0.1)
      rainbow (>= 2.2.2, < 4.0)
      rexml
      rubocop-ast (>= 0.0.3)
      ruby-progressbar (~> 1.7)
      unicode-display_width (>= 1.4.0, < 2.0)
    rubocop-ast (0.0.3)
      parser (>= 2.7.0.1)
    ruby-progressbar (1.10.1)
    ruby-xz (1.0.0)
    simplecov (0.16.1)
      docile (~> 1.1)
      json (>= 1.8, < 3)
      simplecov-html (~> 0.10.0)
    simplecov-html (0.10.2)
    term-ansicolor (1.7.1)
      tins (~> 1.0)
    thor (0.19.4)
    tins (1.20.2)
    treetop (1.6.10)
      polyglot (~> 0.3)
    unf (0.1.4)
      unf_ext
    unf_ext (0.0.7.7)
    unicode-display_width (1.7.0)
    unicode_utils (1.4.0)

PLATFORMS
  ruby

DEPENDENCIES
  bundler (~> 2.0)
  byebug (~> 10.0)
  coveralls (~> 0.8)
  dwca_hunter!
  rake (~> 13.0)
  rspec (~> 3.9)
  rubocop (~> 0.84)

BUNDLED WITH
   2.1.4
